GIT
  remote: git://github.com/afcapel/rack-pjax.git
  revision: c776a9a9eaa0641636e9ece5cfe88fc739339072
  specs:
    rack-pjax (0.8.0)
      nokogiri (>= 1.5)
      rack (>= 1.1)

GIT
  remote: git://github.com/amatsuda/kaminari.git
  revision: 42c95e083d18b32923ceb28b64d4d9973eb7d5ac
  specs:
    kaminari (1.0.0.alpha)
      actionpack (>= 3.0.0)
      activesupport (>= 3.0.0)

GIT
  remote: git://github.com/mshibuya/remotipart.git
  revision: 3a6acb36d46d6769faba6bd94ed7f831321f6c6a
  specs:
    remotipart (1.2.1)

GIT
  remote: git://github.com/musterdenker/rails_admin.git
  revision: 9baf760fd265b798d93fdf24fd61561cee300a11
  branch: master
  specs:
    rails_admin (0.8.1)
      builder (~> 3.1)
      coffee-rails (~> 4.0)
      font-awesome-rails (>= 3.0, < 5)
      haml (~> 4.0)
      jquery-rails (>= 3.0, < 5)
      jquery-ui-rails (~> 5.0)
      kaminari (>= 0.16)
      nested_form (~> 0.3)
      rack-pjax (~> 0.7)
      rails (>= 4.0, < 6)
      remotipart (~> 1.0)
      safe_yaml (~> 1.0)
      sass-rails (>= 4.0, < 6)

GIT
  remote: git://github.com/musterdenker/rails_admin_history_rollback.git
  revision: 319f75355129bb3419652349966de1fde0e5b437
  branch: rails5
  specs:
    rails_admin_history_rollback (0.0.7)
      paper_trail (>= 3.0.6)
      rails (>= 4.2.0)
      rails_admin (>= 0.6.6)

GIT
  remote: git://github.com/sinatra/sinatra.git
  revision: 5e9e23621c1f6abbd793b46452cb11ae8ca1277e
  specs:
    sinatra (2.0.0.pre.alpha)
      mustermann (~> 0.4)
      rack (= 2.0.0.rc1)
      rack-protection (~> 1.5)
      tilt (~> 2.0)

GIT
  remote: https://github.com/plataformatec/devise
  revision: ac702843ddaa5652fde7a0050ff2378e7368149e
  specs:
    devise (4.1.0)
      bcrypt (~> 3.0)
      orm_adapter (~> 0.1)
      railties (>= 4.1.0, < 5.1)
      responders
      warden (~> 1.2.3)

GEM
  remote: https://rubygems.org/
  specs:
    actioncable (5.0.0.rc1)
      actionpack (= 5.0.0.rc1)
      nio4r (~> 1.2)
      websocket-driver (~> 0.6.1)
    actionmailer (5.0.0.rc1)
      actionpack (= 5.0.0.rc1)
      actionview (= 5.0.0.rc1)
      activejob (= 5.0.0.rc1)
      mail (~> 2.5, >= 2.5.4)
      rails-dom-testing (~> 1.0, >= 1.0.5)
    actionpack (5.0.0.rc1)
      actionview (= 5.0.0.rc1)
      activesupport (= 5.0.0.rc1)
      rack (~> 2.x)
      rack-test (~> 0.6.3)
      rails-dom-testing (~> 1.0, >= 1.0.5)
      rails-html-sanitizer (~> 1.0, >= 1.0.2)
    actionview (5.0.0.rc1)
      activesupport (= 5.0.0.rc1)
      builder (~> 3.1)
      erubis (~> 2.7.0)
      rails-dom-testing (~> 1.0, >= 1.0.5)
      rails-html-sanitizer (~> 1.0, >= 1.0.2)
    activejob (5.0.0.rc1)
      activesupport (= 5.0.0.rc1)
      globalid (>= 0.3.6)
    activemodel (5.0.0.rc1)
      activesupport (= 5.0.0.rc1)
    activerecord (5.0.0.rc1)
      activemodel (= 5.0.0.rc1)
      activesupport (= 5.0.0.rc1)
      arel (~> 7.0)
    activesupport (5.0.0.rc1)
      concurrent-ruby (~> 1.0, >= 1.0.2)
      i18n (~> 0.7)
      minitest (~> 5.1)
      tzinfo (~> 1.1)
    arel (7.0.0)
    autoprefixer-rails (6.3.6.2)
      execjs
    bcrypt (3.1.11)
    better_errors (2.1.1)
      coderay (>= 1.0.0)
      erubis (>= 2.6.6)
      rack (>= 0.9.0)
    binding_of_caller (0.7.2)
      debug_inspector (>= 0.0.1)
    bootstrap (4.0.0.alpha3)
      autoprefixer-rails (>= 6.0.3)
      sass (>= 3.4.19)
    bootstrap-wysihtml5-rails (0.3.3.8)
      railties (>= 3.0)
    builder (3.2.2)
    byebug (9.0.5)
    callsite (0.0.11)
    certified (1.0.0)
    codemirror-rails (5.11)
      railties (>= 3.0, < 5)
    coderay (1.1.1)
    coffee-rails (4.1.1)
      coffee-script (>= 2.2.0)
      railties (>= 4.0.0, < 5.1.x)
    coffee-script (2.4.1)
      coffee-script-source
      execjs
    coffee-script-source (1.10.0)
    commonjs (0.2.7)
    concurrent-ruby (1.0.2)
    connection_pool (2.2.0)
    debug_inspector (0.0.2)
    diff-lcs (1.2.5)
    dotenv (2.1.1)
    dotenv-rails (2.1.1)
      dotenv (= 2.1.1)
      railties (>= 4.0, < 5.1)
    erubis (2.7.0)
    execjs (2.7.0)
    factory_girl (4.7.0)
      activesupport (>= 3.0.0)
    factory_girl_rails (4.7.0)
      factory_girl (~> 4.7.0)
      railties (>= 3.0.0)
    faraday (0.9.2)
      multipart-post (>= 1.2, < 3)
    font-awesome-rails (4.6.3.0)
      railties (>= 3.2, < 5.1)
    globalid (0.3.6)
      activesupport (>= 4.1.0)
    google_visualr (2.5.1)
    haml (4.0.7)
      tilt
    hashie (3.4.4)
    i18n (0.7.0)
    jquery-datatables-rails (3.4.0)
      actionpack (>= 3.1)
      jquery-rails
      railties (>= 3.1)
      sass-rails
    jquery-rails (4.1.1)
      rails-dom-testing (>= 1, < 3)
      railties (>= 4.2.0)
      thor (>= 0.14, < 2.0)
    jquery-ui-rails (5.0.5)
      railties (>= 3.2.16)
    json (1.8.3)
    jwt (1.5.1)
    kgio (2.10.0)
    less (2.6.0)
      commonjs (~> 0.2.7)
    less-rails (2.7.1)
      actionpack (>= 4.0)
      less (~> 2.6.0)
      sprockets (> 2, < 4)
      tilt
    libv8 (3.16.14.15)
    loofah (2.0.3)
      nokogiri (>= 1.5.9)
    mail (2.6.4)
      mime-types (>= 1.16, < 4)
    meta_request (0.4.0)
      callsite (~> 0.0, >= 0.0.11)
      rack-contrib (~> 1.1)
      railties (>= 3.0.0, < 5.1.0)
    method_source (0.8.2)
    mime-types (3.1)
      mime-types-data (~> 3.2015)
    mime-types-data (3.2016.0521)
    mini_portile2 (2.0.0)
    minitest (5.9.0)
    multi_json (1.12.1)
    multi_xml (0.5.5)
    multipart-post (2.0.0)
    mustermann (0.4.0)
      tool (~> 0.2)
    mysql2 (0.4.4)
    nested_form (0.3.2)
    nio4r (1.2.1)
    nokogiri (1.6.7)
      mini_portile2 (~> 2.0.0.rc2)
    oauth2 (1.1.0)
      faraday (>= 0.8, < 0.10)
      jwt (~> 1.0, < 1.5.2)
      multi_json (~> 1.3)
      multi_xml (~> 0.5)
      rack (>= 1.2, < 3)
    omniauth (1.3.1)
      hashie (>= 1.2, < 4)
      rack (>= 1.0, < 3)
    omniauth-google-oauth2 (0.4.0)
      jwt (~> 1.5.0)
      multi_json (~> 1.3)
      omniauth (>= 1.1.1)
      omniauth-oauth2 (>= 1.3.1)
    omniauth-oauth2 (1.3.1)
      oauth2 (~> 1.0)
      omniauth (~> 1.2)
    orm_adapter (0.5.0)
    paper_trail (5.1.1)
      activerecord (>= 3.0, < 6.0)
      activesupport (>= 3.0, < 6.0)
      request_store (~> 1.1)
    pg (0.18.4)
    puma (3.4.0)
    rack (2.0.0.rc1)
      json
    rack-contrib (1.2.0)
      rack (>= 0.9.1)
    rack-protection (1.5.3)
      rack
    rack-test (0.6.3)
      rack (>= 1.0)
    rails (5.0.0.rc1)
      actioncable (= 5.0.0.rc1)
      actionmailer (= 5.0.0.rc1)
      actionpack (= 5.0.0.rc1)
      actionview (= 5.0.0.rc1)
      activejob (= 5.0.0.rc1)
      activemodel (= 5.0.0.rc1)
      activerecord (= 5.0.0.rc1)
      activesupport (= 5.0.0.rc1)
      bundler (>= 1.3.0, < 2.0)
      railties (= 5.0.0.rc1)
      sprockets-rails (>= 2.0.0)
    rails-assets-tether (1.1.1)
    rails-deprecated_sanitizer (1.0.3)
      activesupport (>= 4.2.0.alpha)
    rails-dom-testing (1.0.7)
      activesupport (>= 4.2.0.beta, < 5.0)
      nokogiri (~> 1.6.0)
      rails-deprecated_sanitizer (>= 1.0.1)
    rails-html-sanitizer (1.0.3)
      loofah (~> 2.0)
    railties (5.0.0.rc1)
      actionpack (= 5.0.0.rc1)
      activesupport (= 5.0.0.rc1)
      method_source
      rake (>= 0.8.7)
      thor (>= 0.18.1, < 2.0)
    raindrops (0.16.0)
    rake (11.2.2)
    redis (3.3.0)
    redis-namespace (1.5.2)
      redis (~> 3.0, >= 3.0.4)
    ref (2.0.0)
    request_store (1.3.1)
    responders (2.2.0)
      railties (>= 4.2.0, < 5.1)
    rspec-core (3.1.7)
      rspec-support (~> 3.1.0)
    rspec-expectations (3.1.2)
      diff-lcs (>= 1.2.0, < 2.0)
      rspec-support (~> 3.1.0)
    rspec-mocks (3.1.3)
      rspec-support (~> 3.1.0)
    rspec-rails (3.1.0)
      actionpack (>= 3.0)
      activesupport (>= 3.0)
      railties (>= 3.0)
      rspec-core (~> 3.1.0)
      rspec-expectations (~> 3.1.0)
      rspec-mocks (~> 3.1.0)
      rspec-support (~> 3.1.0)
    rspec-support (3.1.2)
    rufus-scheduler (3.2.1)
    safe_yaml (1.0.4)
    sass (3.4.22)
    sass-rails (5.0.4)
      railties (>= 4.0.0, < 5.0)
      sass (~> 3.1)
      sprockets (>= 2.8, < 4.0)
      sprockets-rails (>= 2.0, < 4.0)
      tilt (>= 1.1, < 3)
    select2-rails (4.0.3)
      thor (~> 0.14)
    sidekiq (4.1.2)
      concurrent-ruby (~> 1.0)
      connection_pool (~> 2.2, >= 2.2.0)
      redis (~> 3.2, >= 3.2.1)
    sidekiq-cron (0.4.2)
      redis-namespace (>= 1.5.2)
      rufus-scheduler (>= 2.0.24)
      sidekiq (>= 4.0.0)
    spring (1.7.1)
    sprockets (3.6.1)
      concurrent-ruby (~> 1.0)
      rack (> 1, < 3)
    sprockets-rails (3.0.4)
      actionpack (>= 4.0)
      activesupport (>= 4.0)
      sprockets (>= 3.0.0)
    therubyracer (0.12.2)
      libv8 (~> 3.16.14.0)
      ref
    thor (0.19.1)
    thread_safe (0.3.5)
    tilt (2.0.5)
    tool (0.2.3)
    twitter-bootstrap-rails (3.2.2)
      actionpack (>= 3.1)
      execjs (>= 2.2.2, >= 2.2)
      less-rails (>= 2.5.0)
      railties (>= 3.1)
    tzinfo (1.2.2)
      thread_safe (~> 0.1)
    uglifier (3.0.0)
      execjs (>= 0.3.0, < 3)
    unicorn (5.1.0)
      kgio (~> 2.6)
      raindrops (~> 0.7)
    warden (1.2.6)
      rack (>= 1.0)
    websocket-driver (0.6.4)
      websocket-extensions (>= 0.1.0)
    websocket-extensions (0.1.2)

PLATFORMS
  ruby

DEPENDENCIES
  better_errors
  binding_of_caller
  bootstrap
  bootstrap-wysihtml5-rails
  byebug
  certified
  codemirror-rails
  coffee-rails (~> 4.1.0)
  devise!
  dotenv-rails
  factory_girl_rails
  google_visualr (>= 2.1)
  haml
  jquery-datatables-rails
  jquery-rails
  kaminari!
  less-rails
  meta_request
  mysql2
  nokogiri (= 1.6.7)
  omniauth-google-oauth2
  omniauth-oauth2 (= 1.3.1)
  paper_trail
  pg
  puma
  rack-pjax!
  rails (= 5.0.0.rc1)
  rails-assets-tether
  rails_admin!
  rails_admin_history_rollback!
  redis (~> 3.0)
  remotipart!
  rspec-rails
  sass-rails (~> 5.0)
  select2-rails
  sidekiq
  sidekiq-cron
  sinatra!
  spring
  therubyracer
  twitter-bootstrap-rails
  uglifier (>= 1.3.0)
  unicorn

BUNDLED WITH
   1.12.3
